PATH
  remote: .
  specs:
    twine-js (0.0.2)

GEM
  remote: https://rubygems.org/
  specs:
    rake (10.3.2)

PLATFORMS
  ruby

DEPENDENCIES
  bundler
  rake
  twine-js!
